GIT
  remote: https://github.com/Wolox/codestats-metrics-reporter.git
  revision: fed09cf6bd7d983dbcf87d5a4e42bbdbfe809cef
  branch: android-metrics
  specs:
    codestats-metrics-reporter (0.1.0)
      httparty
      oga
      rake (>= 0.8)
      s3_uploader

GEM
  remote: https://rubygems.org/
  specs:
    ansi (1.5.0)
    ast (2.3.0)
    builder (3.2.2)
    excon (0.51.0)
    fog-aws (0.9.4)
      fog-core (~> 1.38)
      fog-json (~> 1.0)
      fog-xml (~> 0.1)
      ipaddress (~> 0.8)
    fog-core (1.42.0)
      builder
      excon (~> 0.49)
      formatador (~> 0.2)
    fog-json (1.0.2)
      fog-core (~> 1.0)
      multi_json (~> 1.10)
    fog-xml (0.1.2)
      fog-core
      nokogiri (~> 1.5, >= 1.5.11)
    formatador (0.2.5)
    httparty (0.13.7)
      json (~> 1.8)
      multi_xml (>= 0.5.2)
    ipaddress (0.8.3)
    json (1.8.3)
    mime-types (3.1)
      mime-types-data (~> 3.2015)
    mime-types-data (3.2016.0521)
    mini_portile2 (2.1.0)
    multi_json (1.12.1)
    multi_xml (0.5.5)
    nokogiri (1.6.8)
      mini_portile2 (~> 2.1.0)
      pkg-config (~> 1.1.7)
    oga (2.3)
      ast
      ruby-ll (~> 2.1)
    pkg-config (1.1.7)
    rake (11.2.2)
    ruby-ll (2.1.2)
      ansi
      ast
    s3_uploader (0.2.2)
      fog-aws (~> 0.9.4)
      mime-types

PLATFORMS
  ruby

DEPENDENCIES
  codestats-metrics-reporter!

BUNDLED WITH
   1.12.5
